PATH
  remote: .
  specs:
    message-bus (0.2.0)
      bunny (= 0.7.8)

GEM
  remote: http://rubygems.org/
  specs:
    bunny (0.7.8)

PLATFORMS
  ruby

DEPENDENCIES
  message-bus!
