PATH
  remote: .
  specs:
    soomo-mbus (0.5.0)
      activerecord
      bunny (= 0.7.8)
      json

GEM
  remote: http://rubygems.org/
  specs:
    activemodel (3.2.1)
      activesupport (= 3.2.1)
      builder (~> 3.0.0)
    activerecord (3.2.1)
      activemodel (= 3.2.1)
      activesupport (= 3.2.1)
      arel (~> 3.0.0)
      tzinfo (~> 0.3.29)
    activesupport (3.2.1)
      i18n (~> 0.6)
      multi_json (~> 1.0)
    arel (3.0.0)
    builder (3.0.0)
    bunny (0.7.8)
    diff-lcs (1.1.3)
    i18n (0.6.0)
    json (1.6.5)
    multi_json (1.0.4)
    rake (0.9.2.2)
    rspec (2.8.0)
      rspec-core (~> 2.8.0)
      rspec-expectations (~> 2.8.0)
      rspec-mocks (~> 2.8.0)
    rspec-core (2.8.0)
    rspec-expectations (2.8.0)
      diff-lcs (~> 1.1.2)
    rspec-mocks (2.8.0)
    sqlite3 (1.3.5)
    tzinfo (0.3.31)

PLATFORMS
  ruby

DEPENDENCIES
  rake
  rspec
  soomo-mbus!
  sqlite3
